PATH
  remote: .
  specs:
    angular-rails (2.0.0.pre.alpha.40)

GEM
  remote: https://rubygems.org/
  specs:
    blockenspiel (0.4.5)
    highline (1.7.8)
    mini_portile (0.6.2)
    nokogiri (1.6.6.2)
      mini_portile (~> 0.6.0)
    rake (10.4.2)
    versionomy (0.4.4)
      blockenspiel (>= 0.4.5)

PLATFORMS
  ruby

DEPENDENCIES
  angular-rails!
  highline
  nokogiri
  rake
  versionomy

BUNDLED WITH
   1.10.6
